PATH
  remote: .
  specs:
    args_parser (0.2.0)

GEM
  remote: https://rubygems.org/
  specs:
    json (1.8.0)
    json (1.8.0-java)
    minitest (5.0.6)
    rake (10.1.0)

PLATFORMS
  java
  ruby

DEPENDENCIES
  args_parser!
  bundler (~> 1.3)
  json
  minitest
  rake
