PATH
  remote: .
  specs:
    args_parser (0.1.5)

GEM
  remote: https://rubygems.org/
  specs:
    json (1.8.0)
    json (1.8.0-java)
    minitest (5.0.4)
    rake (10.0.4)

PLATFORMS
  java
  ruby

DEPENDENCIES
  args_parser!
  bundler (~> 1.3)
  json
  minitest
  rake
