PATH
  remote: .
  specs:
    args_parser (0.1.4)

GEM
  remote: https://rubygems.org/
  specs:
    minitest (4.3.3)

PLATFORMS
  java
  ruby

DEPENDENCIES
  args_parser!
  minitest
